GEM
  remote: https://rubygems.org/
  specs:
    faraday (0.15.2)
      multipart-post (>= 1.2, < 3)
    faraday_middleware (0.12.2)
      faraday (>= 0.7.4, < 1.0)
    multipart-post (2.0.0)
    ruby_dig (0.0.2)

PLATFORMS
  ruby

DEPENDENCIES
  faraday
  faraday_middleware
  ruby_dig

BUNDLED WITH
   1.14.6
